GEM
  remote: http://rubygems.org/
  specs:
    highline (1.6.16)
    json (1.8.0)

PLATFORMS
  ruby

DEPENDENCIES
  highline
  json
