GEM
  remote: http://rubygems.org/
  specs:
    highline (1.7.8)
    json (1.8.3)

PLATFORMS
  ruby

DEPENDENCIES
  highline
  json

BUNDLED WITH
   1.10.6
