PATH
  remote: .
  specs:
    deployhq (2.0.0)
      highline (~> 1.7)
      json (~> 1.8)
      websocket-eventmachine-client (~> 1.2)

GEM
  remote: http://rubygems.org/
  specs:
    eventmachine (1.2.5)
    highline (1.7.8)
    json (1.8.6)
    websocket (1.2.4)
    websocket-eventmachine-base (1.2.0)
      eventmachine (~> 1.0)
      websocket (~> 1.0)
      websocket-native (~> 1.0)
    websocket-eventmachine-client (1.2.0)
      websocket-eventmachine-base (~> 1.0)
    websocket-native (1.0.0)

PLATFORMS
  ruby

DEPENDENCIES
  deployhq!

BUNDLED WITH
   1.14.6
