PATH
  remote: .
  specs:
    deployhq (2.1.0)
      faraday (~> 2.7)
      highline (~> 2.1)
      json (~> 2.6)
      websocket-eventmachine-client (~> 1.2)

GEM
  remote: http://rubygems.org/
  specs:
    eventmachine (1.2.7)
    faraday (2.7.10)
      faraday-net_http (>= 2.0, < 3.1)
      ruby2_keywords (>= 0.0.4)
    faraday-net_http (3.0.2)
    highline (2.1.0)
    json (2.6.3)
    ruby2_keywords (0.0.5)
    websocket (1.2.9)
    websocket-eventmachine-base (1.2.0)
      eventmachine (~> 1.0)
      websocket (~> 1.0)
      websocket-native (~> 1.0)
    websocket-eventmachine-client (1.3.0)
      websocket-eventmachine-base (~> 1.0)
    websocket-native (1.0.0)

PLATFORMS
  arm64-darwin-21
  x86_64-linux

DEPENDENCIES
  deployhq!

BUNDLED WITH
   2.4.9
